PATH
  remote: .
  specs:
    servo (0.1.0)
      activemodel
      activesupport
      interactor
      memery
      wannabe_bool
      zeitwerk

GEM
  remote: https://rubygems.org/
  specs:
    actionmailer (0.6.1)
      actionpack (>= 0.9.5)
    actionpack (6.1.7.2)
      actionview (= 6.1.7.2)
      activesupport (= 6.1.7.2)
      rack (~> 2.0, >= 2.0.9)
      rack-test (>= 0.6.3)
      rails-dom-testing (~> 2.0)
      rails-html-sanitizer (~> 1.0, >= 1.2.0)
    actionview (6.1.7.2)
      activesupport (= 6.1.7.2)
      builder (~> 3.1)
      erubi (~> 1.4)
      rails-dom-testing (~> 2.0)
      rails-html-sanitizer (~> 1.1, >= 1.2.0)
    activemodel (6.1.7.2)
      activesupport (= 6.1.7.2)
    activerecord (6.1.7.2)
      activemodel (= 6.1.7.2)
      activesupport (= 6.1.7.2)
    activesupport (6.1.7.2)
      concurrent-ruby (~> 1.0, >= 1.0.2)
      i18n (>= 1.6, < 2)
      minitest (>= 5.1)
      tzinfo (~> 2.0)
      zeitwerk (~> 2.3)
    ast (2.4.2)
    builder (3.2.4)
    concurrent-ruby (1.1.10)
    connection_pool (2.3.0)
    crass (1.0.6)
    debug (1.6.3)
      irb (>= 1.3.6)
      reline (>= 0.3.1)
    diff-lcs (1.5.0)
    erubi (1.11.0)
    factory_bot (6.2.1)
      activesupport (>= 5.0.0)
    faker (2.22.0)
      i18n (>= 1.8.11, < 2)
    i18n (1.12.0)
      concurrent-ruby (~> 1.0)
    interactor (3.1.2)
    io-console (0.5.11)
    irb (1.4.2)
      reline (>= 0.3.0)
    json (2.6.2)
    loofah (2.19.1)
      crass (~> 1.0.2)
      nokogiri (>= 1.5.9)
    memery (1.4.1)
      ruby2_keywords (~> 0.0.2)
    mini_portile2 (2.8.0)
    minitest (5.18.0)
    nokogiri (1.13.10)
      mini_portile2 (~> 2.8.0)
      racc (~> 1.4)
    nokogiri (1.13.10-x86_64-darwin)
      racc (~> 1.4)
    parallel (1.22.1)
    parser (3.2.1.1)
      ast (~> 2.4.1)
    racc (1.6.0)
    rack (2.2.6.3)
    rack-test (2.0.2)
      rack (>= 1.3)
    rails (0.9.5)
      actionmailer (>= 0.6.1)
      actionpack (>= 1.4.0)
      activerecord (>= 1.6.0)
      rake (>= 0.4.15)
    rails-dom-testing (2.0.3)
      activesupport (>= 4.2.0)
      nokogiri (>= 1.6)
    rails-html-sanitizer (1.5.0)
      loofah (~> 2.19, >= 2.19.1)
    rainbow (3.1.1)
    rake (13.0.6)
    redis (4.8.0)
    regexp_parser (2.7.0)
    reline (0.3.1)
      io-console (~> 0.5)
    rexml (3.2.5)
    rspec (3.12.0)
      rspec-core (~> 3.12.0)
      rspec-expectations (~> 3.12.0)
      rspec-mocks (~> 3.12.0)
    rspec-core (3.12.1)
      rspec-support (~> 3.12.0)
    rspec-expectations (3.12.2)
      diff-lcs (>= 1.2.0, < 2.0)
      rspec-support (~> 3.12.0)
    rspec-mocks (3.12.3)
      diff-lcs (>= 1.2.0, < 2.0)
      rspec-support (~> 3.12.0)
    rspec-support (3.12.0)
    rubocop (1.48.0)
      json (~> 2.3)
      parallel (~> 1.10)
      parser (>= 3.2.0.0)
      rainbow (>= 2.2.2, < 4.0)
      regexp_parser (>= 1.8, < 3.0)
      rexml (>= 3.2.5, < 4.0)
      rubocop-ast (>= 1.26.0, < 2.0)
      ruby-progressbar (~> 1.7)
      unicode-display_width (>= 2.4.0, < 3.0)
    rubocop-ast (1.27.0)
      parser (>= 3.2.1.0)
    rubocop-capybara (2.17.1)
      rubocop (~> 1.41)
    rubocop-faker (1.1.0)
      faker (>= 2.12.0)
      rubocop (>= 0.82.0)
    rubocop-ordered_methods (0.9)
      rubocop (>= 1.0)
    rubocop-performance (1.16.0)
      rubocop (>= 1.7.0, < 2.0)
      rubocop-ast (>= 0.4.0)
    rubocop-rails (2.18.0)
      activesupport (>= 4.2.0)
      rack (>= 1.1)
      rubocop (>= 1.33.0, < 2.0)
    rubocop-rake (0.6.0)
      rubocop (~> 1.0)
    rubocop-rspec (2.19.0)
      rubocop (~> 1.33)
      rubocop-capybara (~> 2.17)
    rubocop-thread_safety (0.4.4)
      rubocop (>= 0.53.0)
    ruby-progressbar (1.11.0)
    ruby2_keywords (0.0.5)
    sidekiq (6.5.8)
      connection_pool (>= 2.2.5, < 3)
      rack (~> 2.0)
      redis (>= 4.5.0, < 5)
    test-prof (1.2.0)
    tzinfo (2.0.5)
      concurrent-ruby (~> 1.0)
    unicode-display_width (2.4.2)
    wannabe_bool (0.7.1)
    zeitwerk (2.6.7)

PLATFORMS
  ruby
  x86_64-darwin-20

DEPENDENCIES
  debug (>= 1.0.0)
  factory_bot
  faker
  rails
  rake (~> 13.0)
  rspec
  rubocop
  rubocop-faker
  rubocop-ordered_methods
  rubocop-performance
  rubocop-rails
  rubocop-rake
  rubocop-rspec
  rubocop-thread_safety
  servo!
  sidekiq (< 7)
  test-prof

BUNDLED WITH
   2.2.33
